GEM
  remote: http://rubygems.org/
  specs:
    activesupport (2.3.8)
    diff-lcs (1.1.2)
    hoe (2.6.1)
      rake (>= 0.8.7)
      rubyforge (>= 2.0.4)
    json_pure (1.4.6)
    linecache (0.43)
    macaddr (1.0.0)
    rake (0.8.7)
    rcov (0.9.8)
    rspec (1.3.0)
    ruby-debug-base (0.10.3)
      linecache (>= 0.3)
    ruby-debug-ide (0.4.9)
      rake (>= 0.8.1)
    rubyforge (2.0.4)
      json_pure (>= 1.1.7)
    uuid (2.3.1)
      macaddr (~> 1.0)

PLATFORMS
  x86-mingw32

DEPENDENCIES
  activesupport (~> 2.3)
  diff-lcs (~> 1.1)
  hoe (~> 2.6)
  linecache (>= 0.43)
  rake (~> 0.8)
  rcov (~> 0.9)
  rspec (~> 1.3)
  ruby-debug-base (>= 0.10.3)
  ruby-debug-ide (>= 0.4.9)
  uuid (~> 2.3)
