GEM
  remote: http://rubygems.org/
  specs:
    activesupport (2.3.10)
    archive-tar-minitar (0.5.2)
    columnize (0.3.2)
    diff-lcs (1.1.2)
    hoe (2.7.0)
      rake (>= 0.8.7)
      rubyforge (>= 2.0.4)
    json_pure (1.4.6)
    linecache19 (0.5.11)
      ruby_core_source (>= 0.1.4)
    macaddr (1.0.0)
    rake (0.8.7)
    rcov (0.9.9)
    rspec (2.1.0)
      rspec-core (~> 2.1.0)
      rspec-expectations (~> 2.1.0)
      rspec-mocks (~> 2.1.0)
    rspec-core (2.1.0)
    rspec-expectations (2.1.0)
      diff-lcs (~> 1.1.2)
    rspec-mocks (2.1.0)
    ruby-debug-base19 (0.11.24)
      columnize (>= 0.3.1)
      linecache19 (>= 0.5.11)
      ruby_core_source (>= 0.1.4)
    ruby-debug-ide19 (0.4.12)
      ruby-debug-base19 (~> 0.11.20)
    ruby-debug19 (0.11.6)
      columnize (>= 0.3.1)
      linecache19 (>= 0.5.11)
      ruby-debug-base19 (>= 0.11.19)
    ruby_core_source (0.1.4)
      archive-tar-minitar (>= 0.5.2)
    rubyforge (2.0.4)
      json_pure (>= 1.1.7)
    uuid (2.3.1)
      macaddr (~> 1.0)

PLATFORMS
  ruby

DEPENDENCIES
  activesupport (~> 2.3)
  diff-lcs (~> 1.1)
  hoe (~> 2.6)
  linecache19 (>= 0.5)
  rake (~> 0.8)
  rcov (~> 0.9)
  rspec (~> 2.0)
  rspec-core (~> 2.0)
  rspec-expectations (~> 2.0)
  rspec-mocks (~> 2.0)
  ruby-debug-base19 (>= 0.11.24)
  ruby-debug-ide19 (>= 0.4.12)
  ruby-debug19 (>= 0.11.6)
  uuid (~> 2.3)
