GEM
  remote: http://rubygems.org/
  specs:
    activesupport (2.3.8)
    diff-lcs (1.1.2)
    hoe (2.6.1)
      rake (>= 0.8.7)
      rubyforge (>= 2.0.4)
    json_pure (1.4.6)
    macaddr (1.0.0)
    rake (0.8.7)
    rspec (1.3.0)
    ruby_parser (2.0.5)
      sexp_processor (~> 3.0)
    rubyforge (2.0.4)
      json_pure (>= 1.1.7)
    rufus-cloche (0.1.20)
      rufus-json (>= 0.2.5)
    rufus-dollar (1.0.2)
    rufus-json (0.2.5)
    rufus-mnemo (1.1.1)
    rufus-scheduler (2.0.7)
      tzinfo
    rufus-treechecker (1.0.3)
      ruby_parser
    ruote (2.1.11)
      rufus-cloche (>= 0.1.20)
      rufus-dollar
      rufus-json (>= 0.2.5)
      rufus-mnemo (>= 1.1.0)
      rufus-scheduler (>= 2.0.5)
      rufus-treechecker (>= 1.0.3)
    sexp_processor (3.0.5)
    tzinfo (0.3.23)
    uuid (2.3.1)
      macaddr (~> 1.0)

PLATFORMS
  x86-mingw32

DEPENDENCIES
  activesupport (~> 2.3)
  diff-lcs (~> 1.1)
  hoe (~> 2.6)
  rake (~> 0.8)
  rspec (~> 1.3)
  rufus-json (~> 0.2)
  ruote (~> 2.1)
  uuid (~> 2.3)
